GEM
  remote: https://rubygems.org/
  specs:
    concurrent-ruby (1.3.4)
    faker (3.4.2)
      i18n (>= 1.8.11, < 2)
    i18n (1.14.5)
      concurrent-ruby (~> 1.0)

PLATFORMS
  ruby
  x86_64-linux

DEPENDENCIES
  faker (~> 3.4)

BUNDLED WITH
   2.5.18
